GEM
  remote: http://rubygems.org/
  specs:
    andand (1.3.1)
    arrayclass (0.1.1)
    bacon (1.1.0)
    bio (1.4.1)
    git (1.2.5)
    jeweler (1.5.2)
      bundler (~> 1.0.0)
      git (>= 1.2.5)
      rake
    ms-core (0.0.14)
      bio (>= 1.4.1)
    ms-ident (0.0.8)
      andand
      ms-core (>= 0.0.12)
      nokogiri
    ms-msrun (0.3.3)
      ms-core (>= 0.0.3)
      narray
      nokogiri
    ms-testdata (0.1.1)
    narray (0.5.9.9)
    nokogiri (1.4.4)
    rake (0.8.7)
    rcov (0.9.9)
    spec-more (0.0.4)
      bacon

PLATFORMS
  ruby

DEPENDENCIES
  arrayclass (>= 0.1.0)
  bundler (~> 1.0.0)
  jeweler (~> 1.5.2)
  ms-core (>= 0.0.14)
  ms-ident (>= 0.0.8)
  ms-msrun (>= 0.3.3)
  ms-testdata (>= 0.1.1)
  rcov
  spec-more
