GEM
  remote: http://rubygems.org/
  specs:
    arrayclass (0.1.1)
    bacon (1.1.0)
    git (1.2.5)
    jeweler (1.5.2)
      bundler (~> 1.0.0)
      git (>= 1.2.5)
      rake
    ms-core (0.0.10)
    ms-fasta (0.4.1)
    ms-testdata (0.1.1)
    rake (0.8.7)
    rcov (0.9.9)
    spec-more (0.0.4)
      bacon

PLATFORMS
  ruby

DEPENDENCIES
  arrayclass (>= 0.1.0)
  bundler (~> 1.0.0)
  jeweler (~> 1.5.2)
  ms-core (>= 0.0.10)
  ms-fasta (>= 0.4.1)
  ms-testdata (>= 0.1.1)
  rcov
  spec-more
